GEM
  remote: http://rubygems.org/
  specs:
    choice (0.1.4)
    daemons (1.1.0)
    diff-lcs (1.1.2)
    eventmachine (0.12.10)
    git (1.2.5)
    jeweler (1.5.2)
      bundler (~> 1.0.0)
      git (>= 1.2.5)
      rake
    json (1.4.6)
    rake (0.8.7)
    rcov (0.9.9)
    rspec (2.4.0)
      rspec-core (~> 2.4.0)
      rspec-expectations (~> 2.4.0)
      rspec-mocks (~> 2.4.0)
    rspec-core (2.4.0)
    rspec-expectations (2.4.0)
      diff-lcs (~> 1.1.2)
    rspec-mocks (2.4.0)

PLATFORMS
  ruby

DEPENDENCIES
  bundler (~> 1.0.0)
  choice
  daemons
  eventmachine
  jeweler (~> 1.5.2)
  json
  rcov
  rspec (= 2.4.0)
